GEM
  remote: https://rubygems.org/
  specs:
    atk (4.2.2)
      glib2 (= 4.2.2)
    base64 (0.2.0)
    cairo (1.17.13)
      native-package-installer (>= 1.0.3)
      pkg-config (>= 1.2.2)
      red-colors
    cairo-gobject (4.2.2)
      cairo (>= 1.16.2)
      glib2 (= 4.2.2)
    daemons (1.4.1)
    dotenv (3.1.2)
    eventmachine (1.2.7)
    faraday (2.9.2)
      faraday-net_http (>= 2.0, < 3.2)
    faraday-net_http (3.1.0)
      net-http
    fiddle (1.1.2)
    gdk3 (4.2.2)
      cairo-gobject (= 4.2.2)
      gdk_pixbuf2 (= 4.2.2)
      pango (= 4.2.2)
    gdk_pixbuf2 (4.2.2)
      gio2 (= 4.2.2)
    gio2 (4.2.2)
      fiddle
      gobject-introspection (= 4.2.2)
    glib2 (4.2.2)
      native-package-installer (>= 1.0.3)
      pkg-config (>= 1.3.5)
    gobject-introspection (4.2.2)
      glib2 (= 4.2.2)
    gtk3 (4.2.2)
      atk (= 4.2.2)
      gdk3 (= 4.2.2)
    json (2.7.2)
    jwt (2.8.2)
      base64
    matrix (0.4.2)
    mustermann (3.0.0)
      ruby2_keywords (~> 0.0.1)
    native-package-installer (1.1.9)
    net-http (0.4.1)
      uri
    nokogiri (1.16.6-aarch64-linux)
      racc (~> 1.4)
    nokogiri (1.16.6-arm-linux)
      racc (~> 1.4)
    nokogiri (1.16.6-arm64-darwin)
      racc (~> 1.4)
    nokogiri (1.16.6-x86-linux)
      racc (~> 1.4)
    nokogiri (1.16.6-x86_64-darwin)
      racc (~> 1.4)
    nokogiri (1.16.6-x86_64-linux)
      racc (~> 1.4)
    pango (4.2.2)
      cairo-gobject (= 4.2.2)
      gobject-introspection (= 4.2.2)
    pkg-config (1.5.6)
    racc (1.8.0)
    rack (2.2.9)
    rack-protection (3.2.0)
      base64 (>= 0.1.0)
      rack (~> 2.2, >= 2.2.4)
    red-colors (0.4.0)
      json
      matrix
    ruby2_keywords (0.0.5)
    sinatra (3.2.0)
      mustermann (~> 3.0)
      rack (~> 2.2, >= 2.2.4)
      rack-protection (= 3.2.0)
      tilt (~> 2.0)
    thin (1.8.2)
      daemons (~> 1.0, >= 1.0.9)
      eventmachine (~> 1.0, >= 1.0.4)
      rack (>= 1, < 3)
    tilt (2.4.0)
    twilio-ruby (7.2.2)
      faraday (>= 0.9, < 3.0)
      jwt (>= 1.5, < 3.0)
      nokogiri (>= 1.6, < 2.0)
    uri (0.13.0)

PLATFORMS
  aarch64-linux
  arm-linux
  arm64-darwin
  x86-linux
  x86_64-darwin
  x86_64-linux

DEPENDENCIES
  dotenv
  gtk3
  rack (~> 2.2.9)
  sinatra
  thin
  twilio-ruby

BUNDLED WITH
   2.5.14
